GEM
  remote: https://rubygems.org/
  specs:
    concurrent-ruby (1.1.8)
    deep_merge (1.2.1)
    diff-lcs (1.3)
    facter (2.5.7)
    faraday (0.17.3)
      multipart-post (>= 1.2, < 3)
    faraday_middleware (0.13.1)
      faraday (>= 0.7.4, < 1.0)
    fast_gettext (1.1.2)
    gettext (3.2.9)
      locale (>= 2.0.5)
      text (>= 1.3.0)
    gettext-setup (0.34)
      fast_gettext (~> 1.1.0)
      gettext (>= 3.0.2, < 3.3.0)
      locale
    hiera (3.7.0)
    highline (2.0.3)
    hocon (1.3.1)
    httpclient (2.8.3)
    librarian (0.1.2)
      highline
      thor (~> 0.15)
    librarian-puppet (2.0.1)
      librarian (>= 0.1.2)
      puppet_forge
      rsync
    locale (2.1.3)
    minitar (0.9)
    multi_json (1.15.0)
    multipart-post (2.1.1)
    puppet (6.13.0)
      concurrent-ruby (~> 1.0)
      deep_merge (~> 1.0)
      facter (> 2.0.1, < 5)
      fast_gettext (~> 1.1)
      hiera (>= 3.2.1, < 4)
      httpclient (~> 2.8)
      locale (~> 2.1)
      multi_json (~> 1.10)
      puppet-resource_api (~> 1.5)
      semantic_puppet (~> 1.0)
    puppet-resource_api (1.8.13)
      hocon (>= 1.0)
    puppet_forge (2.3.3)
      faraday (>= 0.9.0, < 0.18.0, != 0.13.1)
      faraday_middleware (>= 0.9.0, < 0.14.0)
      gettext-setup (~> 0.11)
      minitar
      semantic_puppet (~> 1.0)
    rake (13.0.1)
    rspec (3.9.0)
      rspec-core (~> 3.9.0)
      rspec-expectations (~> 3.9.0)
      rspec-mocks (~> 3.9.0)
    rspec-core (3.9.1)
      rspec-support (~> 3.9.1)
    rspec-expectations (3.9.0)
      diff-lcs (>= 1.2.0, < 2.0)
      rspec-support (~> 3.9.0)
    rspec-mocks (3.9.1)
      diff-lcs (>= 1.2.0, < 2.0)
      rspec-support (~> 3.9.0)
    rspec-puppet (2.7.8)
      rspec
    rspec-support (3.9.2)
    rsync (1.0.9)
    semantic_puppet (1.0.2)
    text (1.3.1)
    thor (0.20.3)

PLATFORMS
  ruby

DEPENDENCIES
  librarian-puppet (~> 2.0.0)
  puppet (~> 6.13.0)
  rake
  rspec-puppet

BUNDLED WITH
   1.17.2
